PATH
  remote: .
  specs:
    mongo-abac (1.0.0)
      bson
      bson_ext
      em-proxy
      json
      stringio
      trollop

GEM
  remote: https://rubygems.org/
  specs:
    autotest-standalone (4.5.11)
    bson (4.15.0)
    bson_ext (1.5.1)
    diff-lcs (1.5.0)
    em-proxy (0.1.9)
      eventmachine
    eventmachine (1.2.7)
    json (2.6.2)
    mocha (2.0.2)
      ruby2_keywords (>= 0.0.5)
    mongo (2.18.1)
      bson (>= 4.14.1, < 5.0.0)
    rack (3.0.0)
    rack-test (2.0.2)
      rack (>= 1.3)
    rake (13.0.6)
    rake-compiler (1.2.0)
      rake
    rspec (3.12.0)
      rspec-core (~> 3.12.0)
      rspec-expectations (~> 3.12.0)
      rspec-mocks (~> 3.12.0)
    rspec-core (3.12.0)
      rspec-support (~> 3.12.0)
    rspec-expectations (3.12.0)
      diff-lcs (>= 1.2.0, < 2.0)
      rspec-support (~> 3.12.0)
    rspec-mocks (3.12.0)
      diff-lcs (>= 1.2.0, < 2.0)
      rspec-support (~> 3.12.0)
    rspec-support (3.12.0)
    ruby2_keywords (0.0.5)
    stringio (3.0.2)
    trollop (2.9.10)

PLATFORMS
  x64-mingw-ucrt

DEPENDENCIES
  autotest-standalone
  mocha
  mongo
  mongo-abac!
  rack-test
  rake
  rake-compiler
  rspec

BUNDLED WITH
   2.3.25
